PATH
  remote: .
  specs:
    solar_verde (0.1.0)

GEM
  remote: https://rubygems.org/
  specs:
    byebug (11.1.3)
    coderay (1.1.2)
    httparty (0.18.0)
      mime-types (~> 3.0)
      multi_xml (>= 0.5.2)
    method_source (1.0.0)
    mime-types (3.3.1)
      mime-types-data (~> 3.2015)
    mime-types-data (3.2020.0425)
    multi_xml (0.6.0)
    opencage-geocoder (2.1.2)
    pry (0.13.1)
      coderay (~> 1.1)
      method_source (~> 1.0)
    rake (12.3.3)
    rest_request (0.2.0)
    uri (0.10.0.1)

PLATFORMS
  ruby

DEPENDENCIES
  byebug
  httparty
  opencage-geocoder
  pry
  rake (~> 12.0)
  rest_request (~> 0.2.0)
  solar_verde!
  uri

BUNDLED WITH
   2.1.4
