PATH
  remote: .
  specs:
    solar_verde (0.1.0)

GEM
  remote: https://rubygems.org/
  specs:
    byebug (11.0.1)
    coderay (1.1.3)
    httparty (0.21.0)
      mini_mime (>= 1.0.0)
      multi_xml (>= 0.5.2)
    method_source (1.0.0)
    mini_mime (1.1.2)
    multi_xml (0.6.0)
    opencage-geocoder (2.1.2)
    pry (0.14.1)
      coderay (~> 1.1)
      method_source (~> 1.0)
    rake (12.3.3)
    rest_request (0.2.0)
    uri (0.10.0)

PLATFORMS
  ruby

DEPENDENCIES
  byebug
  httparty
  opencage-geocoder
  pry
  rake (~> 12.0)
  rest_request (~> 0.2.0)
  solar_verde!
  uri

BUNDLED WITH
   2.1.4
